GEM
  remote: http://rubygems.org/
  specs:
    activesupport (3.0.7)
    builder (3.0.0)
    configuration (1.2.0)
    curb (0.7.15)
    feedzirra (0.0.24)
      activesupport (>= 2.3.8)
      builder (>= 2.1.2)
      curb (>= 0.2.3)
      loofah (>= 0.3.1)
      nokogiri (> 0.0.0)
      sax-machine (>= 0.0.12)
    haml (3.1.1)
    heroku (2.2.0)
      launchy (>= 0.3.2)
      rest-client (~> 1.6.1)
      term-ansicolor (~> 1.0.5)
    i18n (0.6.0)
    launchy (0.4.0)
      configuration (>= 0.0.5)
      rake (>= 0.8.1)
    loofah (1.0.0)
      nokogiri (>= 1.3.3)
    mime-types (1.16)
    nokogiri (1.4.4)
    rack (1.3.0)
    rake (0.9.0)
    rest-client (1.6.1)
      mime-types (>= 1.16)
    sax-machine (0.0.16)
      nokogiri (> 0.0.0)
    sinatra (1.2.6)
      rack (~> 1.1)
      tilt (>= 1.2.2, < 2.0)
    term-ansicolor (1.0.5)
    tilt (1.3.2)

PLATFORMS
  ruby

DEPENDENCIES
  feedzirra
  haml
  heroku
  i18n
  sinatra
