GEM
  remote: http://rubygems.org/
  specs:
    concurrent-ruby (1.2.2)
    feedzirra (0.8.0)
    haml (6.1.1)
      temple (>= 0.8.2)
      thor
      tilt
    heroku (3.99.4)
    i18n (1.12.0)
      concurrent-ruby (~> 1.0)
    mustermann (3.0.0)
      ruby2_keywords (~> 0.0.1)
    rack (2.2.6.4)
    rack-protection (3.0.5)
      rack
    ruby2_keywords (0.0.5)
    sinatra (3.0.5)
      mustermann (~> 3.0)
      rack (~> 2.2, >= 2.2.4)
      rack-protection (= 3.0.5)
      tilt (~> 2.0)
    temple (0.10.0)
    thor (1.2.1)
    tilt (2.1.0)

PLATFORMS
  ruby

DEPENDENCIES
  feedzirra
  haml (>= 5.0.0)
  heroku (>= 3.99.4)
  i18n (>= 0.8.0)
  sinatra (>= 2.2.3)

BUNDLED WITH
   2.1.4
